GEM
  remote: https://rubygems.org/
  specs:
    coderay (1.1.2)
    method_source (0.9.0)
    minitest (5.10.3)
    pry (0.11.3)
      coderay (~> 1.1.0)
      method_source (~> 0.9.0)
    pry-doc (0.11.1)
      pry (~> 0.9)
      yard (~> 0.9)
    rake (12.3.0)
    shoulda-context (1.2.2)
    yard (0.9.12)

PLATFORMS
  ruby

DEPENDENCIES
  minitest
  pry
  pry-doc
  rake
  shoulda-context

BUNDLED WITH
   1.15.4
